GIT
  remote: git://github.com/Libertree/libertree-client-rb.git
  revision: 35f045420612a11501950eb1dfe0094db52adb69
  branch: xmpp
  specs:
    libertree-client (0.0.2)

GIT
  remote: git://github.com/Libertree/libertree-model-rb.git
  revision: 358b4cbe719a46e46e24dcf74fb0a6f69fec59da
  branch: xmpp
  specs:
    libertree-model (0.0.1)

GIT
  remote: git://github.com/RDBI/rdbi-driver-postgresql.git
  revision: be571a9909f74160be8b0c638275e33fe62c75cf
  branch: fix-execute-memory-leak
  specs:
    rdbi-driver-postgresql (0.9.1)
      epoxy (>= 0.3.1)
      methlab
      pg (= 0.9.0)
      rdbi

GIT
  remote: git://github.com/RDBI/rdbi.git
  revision: 4ca05ac7c355818260a25502499f01f59f775ee6
  specs:
    rdbi (0.9.1)
      epoxy (>= 0.3.1)
      methlab (>= 0.0.9)
      typelib

GIT
  remote: git://github.com/mark-moseley/linecache
  revision: 869c6a65155068415925067e480741bd0a71527e
  specs:
    linecache19 (0.5.12)
      ruby_core_source (>= 0.1.4)

GEM
  remote: http://rubygems.org/
  specs:
    activesupport (3.2.12)
      i18n (~> 0.6)
      multi_json (~> 1.0)
    archive-tar-minitar (0.5.2)
    bcrypt-ruby (3.0.1)
    blather (0.8.1)
      activesupport (>= 2.3.11)
      eventmachine (>= 0.12.6)
      girl_friday
      niceogiri (~> 1.0)
      nokogiri (~> 1.5.5)
    columnize (0.3.6)
    connection_pool (0.9.2)
    debugger (1.5.0)
      columnize (>= 0.3.1)
      debugger-linecache (~> 1.2.0)
      debugger-ruby_core_source (~> 1.2.0)
    debugger-linecache (1.2.0)
    debugger-ruby_core_source (1.2.0)
    diff-lcs (1.1.3)
    epoxy (0.3.1)
    eventmachine (0.12.10)
    factory_girl (4.2.0)
      activesupport (>= 3.0.0)
    girl_friday (0.11.1)
      connection_pool (~> 0.9.0)
      rubinius-actor
    i18n (0.6.0)
    json (1.8.0)
    m4dbi (0.8.7)
      metaid
      rdbi
    mail (2.4.4)
      i18n (>= 0.4.0)
      mime-types (~> 1.16)
      treetop (~> 1.4.8)
    metaid (1.0)
    methlab (0.1.0)
    mime-types (1.19)
    multi_json (1.5.1)
    niceogiri (1.1.1)
      nokogiri (~> 1.5)
    nokogiri (1.5.5)
    pg (0.9.0)
    polyglot (0.3.3)
    pony (1.4)
      mail (> 2.0)
    rake (10.0.4)
    rspec (2.12.0)
      rspec-core (~> 2.12.0)
      rspec-expectations (~> 2.12.0)
      rspec-mocks (~> 2.12.0)
    rspec-core (2.12.2)
    rspec-expectations (2.12.1)
      diff-lcs (~> 1.1.3)
    rspec-mocks (2.12.2)
    rubinius-actor (0.0.2)
      rubinius-core-api
    rubinius-core-api (0.0.1)
    ruby-debug-base19 (0.11.25)
      columnize (>= 0.3.1)
      linecache19 (>= 0.5.11)
      ruby_core_source (>= 0.1.4)
    ruby-debug-base19x (0.11.30.pre12)
      debugger-ruby_core_source (>= 1.1.4)
      rake (>= 0.8.1)
    ruby-debug19 (0.11.6)
      columnize (>= 0.3.1)
      linecache19 (>= 0.5.11)
      ruby-debug-base19 (>= 0.11.19)
    ruby_core_source (0.1.5)
      archive-tar-minitar (>= 0.5.2)
    syck (1.0.0)
    treetop (1.4.10)
      polyglot
      polyglot (>= 0.3.1)
    typelib (0.1.0)

PLATFORMS
  ruby

DEPENDENCIES
  bcrypt-ruby
  blather
  debugger
  factory_girl
  json
  libertree-client!
  libertree-model!
  linecache19!
  m4dbi
  pg
  pony
  rdbi!
  rdbi-driver-postgresql!
  rspec
  ruby-debug-base19x (~> 0.11.30.pre4)
  ruby-debug19
  syck
