GIT
  remote: git://github.com/Libertree/libertree-model-rb.git
  revision: 59e357f78bc83493a096eaa8149fbb79a0e7276b
  specs:
    libertree-model (0.9.1)
      bcrypt-ruby (= 3.0.1)
      net-ldap (~> 0.5.1)
      nokogiri (~> 1.5)
      parkdown (~> 1.4.23)
      pg
      ruby-oembed (~> 0.8.8)
      sequel
      timedcache

GIT
  remote: git://github.com/Ramaze/innate.git
  revision: 64ca67a23560557f451d658aadf4c65712ccf67d
  specs:
    innate (2012.12)
      rack (~> 1.4.1)

GIT
  remote: git://github.com/Ramaze/ramaze.git
  revision: d3fdce83d8c9ad477c0e1b47fbc4ee05b87e3b0f
  specs:
    ramaze (2012.12.08)
      innate (>= 2012.12)
      rake

GIT
  remote: git://github.com/mark-moseley/linecache
  revision: 869c6a65155068415925067e480741bd0a71527e
  specs:
    linecache19 (0.5.12)
      ruby_core_source (>= 0.1.4)

GEM
  remote: http://rubygems.org/
  specs:
    activesupport (3.2.7)
      i18n (~> 0.6)
      multi_json (~> 1.0)
    archive-tar-minitar (0.5.2)
    bcrypt-ruby (3.0.1)
    byebug (2.5.0)
      columnize (~> 0.3.6)
      debugger-linecache (~> 1.2.0)
    capybara (2.1.0)
      mime-types (>= 1.16)
      nokogiri (>= 1.3.3)
      rack (>= 1.0.0)
      rack-test (>= 0.5.4)
      xpath (~> 2.0)
    childprocess (0.3.9)
      ffi (~> 1.0, >= 1.0.11)
    coderay (1.1.0)
    columnize (0.3.6)
    curb (0.8.4)
    daemons (1.1.9)
    dalli (1.1.5)
    debugger-linecache (1.2.0)
    diff-lcs (1.2.1)
    eventmachine (1.0.3)
    factory_girl (3.6.0)
      activesupport (>= 3.0.0)
    fast_gettext (0.6.8)
    ffi (1.9.0)
    gpgme (2.0.2)
    i18n (0.6.0)
    json (1.7.6)
    kgio (2.7.3)
    method_source (0.8.2)
    mime-types (1.25)
    mini_magick (3.4)
      subexec (~> 0.2.1)
    mini_portile (0.5.2)
    multi_json (1.8.2)
    net-ldap (0.5.1)
    nokogiri (1.6.0)
      mini_portile (~> 0.5.0)
    parkdown (1.4.23)
    pg (0.17.0)
    pry (0.9.12.6)
      coderay (~> 1.0)
      method_source (~> 0.8)
      slop (~> 3.4)
    pry-byebug (1.2.1)
      byebug (~> 2.2)
      pry (~> 0.9.12)
    rack (1.4.5)
    rack-test (0.6.2)
      rack (>= 1.0)
    racksh (0.9.11)
      rack (>= 1.0)
      rack-test (>= 0.5)
    raindrops (0.8.0)
    rake (0.9.2.2)
    rspec (2.13.0)
      rspec-core (~> 2.13.0)
      rspec-expectations (~> 2.13.0)
      rspec-mocks (~> 2.13.0)
    rspec-core (2.13.1)
    rspec-expectations (2.13.0)
      diff-lcs (>= 1.1.3, < 2.0)
    rspec-mocks (2.13.0)
    ruby-debug-base19 (0.11.25)
      columnize (>= 0.3.1)
      linecache19 (>= 0.5.11)
      ruby_core_source (>= 0.1.4)
    ruby-debug-base19x (0.11.30.pre10)
      columnize (>= 0.3.1)
      linecache19 (>= 0.5.11)
      rake (>= 0.8.1)
      ruby_core_source (>= 0.1.4)
    ruby-debug19 (0.11.6)
      columnize (>= 0.3.1)
      linecache19 (>= 0.5.11)
      ruby-debug-base19 (>= 0.11.19)
    ruby-filemagic (0.4.2)
    ruby-oembed (0.8.9)
    ruby_core_source (0.1.5)
      archive-tar-minitar (>= 0.5.2)
    rubyzip (1.0.0)
    sass (3.2.5)
    selenium-webdriver (2.37.0)
      childprocess (>= 0.2.5)
      multi_json (~> 1.0)
      rubyzip (~> 1.0.0)
      websocket (~> 1.0.4)
    sequel (4.7.0)
    slop (3.4.7)
    subexec (0.2.1)
    thin (1.6.1)
      daemons (>= 1.0.9)
      eventmachine (>= 1.0.0)
      rack (>= 1.0.0)
    timedcache (0.4.0)
    unicorn (4.2.0)
      kgio (~> 2.6)
      rack
      raindrops (~> 0.7)
    websocket (1.0.7)
    xpath (2.0.0)
      nokogiri (~> 1.3)

PLATFORMS
  ruby

DEPENDENCIES
  bcrypt-ruby
  capybara
  curb
  dalli
  factory_girl
  fast_gettext
  gpgme
  innate!
  json
  libertree-model!
  linecache19!
  mini_magick
  nokogiri
  pg
  pry-byebug
  racksh
  ramaze!
  rspec
  ruby-debug-base19x (~> 0.11.30.pre4)
  ruby-debug19
  ruby-filemagic
  ruby-oembed
  sass
  selenium-webdriver
  sequel
  thin
  unicorn
