GIT
  remote: git://github.com/Libertree/libertree-client-rb.git
  revision: 659dc8244dad07e0963f4a0149e44185937fd85d
  specs:
    libertree-client (0.0.1)

GIT
  remote: git://github.com/Libertree/libertree-model-rb.git
  revision: 16b33a865a3aaee0e22e93e7326b41139835bf66
  branch: fix-memory-leaks
  specs:
    libertree-model (0.0.1)
      bcrypt-ruby (= 3.0.1)
      nokogiri (~> 1.5)
      pg (= 0.9.0)
      ruby-oembed (~> 0.8.8)

GIT
  remote: git://github.com/Pistos/m4dbi.git
  revision: 3a0149cc5ab2fc09a7db20fb9109412c72d33476
  branch: fix-memory-leaks
  specs:
    m4dbi (0.8.9)
      metaid
      rdbi

GIT
  remote: git://github.com/RDBI/rdbi-driver-postgresql.git
  revision: 907b681bc8a5c055f761bb0afd90a0b9e1d4b269
  branch: fix-execute-memory-leak
  specs:
    rdbi-driver-postgresql (0.9.1)
      epoxy (>= 0.3.1)
      methlab
      pg (= 0.9.0)
      rdbi

GIT
  remote: git://github.com/RDBI/rdbi.git
  revision: e5accb27a99f314db1474f5bb01538b4d2ccb26a
  ref: pre-sth-leak
  specs:
    rdbi (0.9.1)
      epoxy (>= 0.3.1)
      methlab (>= 0.0.9)
      typelib

GIT
  remote: git://github.com/mark-moseley/linecache
  revision: 869c6a65155068415925067e480741bd0a71527e
  specs:
    linecache19 (0.5.12)
      ruby_core_source (>= 0.1.4)

GEM
  remote: http://rubygems.org/
  specs:
    activesupport (3.2.12)
      i18n (~> 0.6)
      multi_json (~> 1.0)
    archive-tar-minitar (0.5.2)
    bcrypt-ruby (3.0.1)
    columnize (0.3.6)
    debugger (1.5.0)
      columnize (>= 0.3.1)
      debugger-linecache (~> 1.2.0)
      debugger-ruby_core_source (~> 1.2.0)
    debugger-linecache (1.2.0)
    debugger-ruby_core_source (1.2.0)
    diff-lcs (1.1.3)
    epoxy (0.3.1)
    eventmachine (0.12.10)
    factory_girl (4.2.0)
      activesupport (>= 3.0.0)
    i18n (0.6.0)
    json (1.8.0)
    mail (2.4.4)
      i18n (>= 0.4.0)
      mime-types (~> 1.16)
      treetop (~> 1.4.8)
    metaid (1.0)
    methlab (0.1.0)
    mime-types (1.19)
    mini_portile (0.5.0)
    multi_json (1.5.1)
    nokogiri (1.6.0)
      mini_portile (~> 0.5.0)
    pg (0.9.0)
    polyglot (0.3.3)
    pony (1.4)
      mail (> 2.0)
    rake (0.9.2.2)
    rspec (2.12.0)
      rspec-core (~> 2.12.0)
      rspec-expectations (~> 2.12.0)
      rspec-mocks (~> 2.12.0)
    rspec-core (2.12.2)
    rspec-expectations (2.12.1)
      diff-lcs (~> 1.1.3)
    rspec-mocks (2.12.2)
    ruby-debug-base19 (0.11.25)
      columnize (>= 0.3.1)
      linecache19 (>= 0.5.11)
      ruby_core_source (>= 0.1.4)
    ruby-debug-base19x (0.11.30.pre10)
      columnize (>= 0.3.1)
      linecache19 (>= 0.5.11)
      rake (>= 0.8.1)
      ruby_core_source (>= 0.1.4)
    ruby-debug19 (0.11.6)
      columnize (>= 0.3.1)
      linecache19 (>= 0.5.11)
      ruby-debug-base19 (>= 0.11.19)
    ruby-oembed (0.8.8)
    ruby_core_source (0.1.5)
      archive-tar-minitar (>= 0.5.2)
    syck (1.0.0)
    treetop (1.4.10)
      polyglot
      polyglot (>= 0.3.1)
    typelib (0.1.0)

PLATFORMS
  ruby

DEPENDENCIES
  bcrypt-ruby
  debugger
  eventmachine
  factory_girl
  json
  libertree-client!
  libertree-model!
  linecache19!
  m4dbi!
  pg
  pony
  rdbi!
  rdbi-driver-postgresql!
  rspec
  ruby-debug-base19x (~> 0.11.30.pre4)
  ruby-debug19
  syck
