GIT
  remote: git://github.com/Libertree/libertree-client-rb.git
  revision: 1cbd35a8bc38570651659f5a7775656eddff2df6
  specs:
    libertree-client (0.0.1)

GIT
  remote: git://github.com/Libertree/libertree-model-rb.git
  revision: 139f7d2e4e80abd4a1786bf142e6aad226338ba3
  specs:
    libertree-model (0.5.0)
      bcrypt-ruby (= 3.0.1)
      m4dbi
      nokogiri (~> 1.5)
      rdbi-driver-postgresql
      ruby-oembed (~> 0.8.8)

GIT
  remote: git://github.com/RDBI/rdbi.git
  revision: e5accb27a99f314db1474f5bb01538b4d2ccb26a
  ref: pre-sth-leak
  specs:
    rdbi (0.9.1)
      epoxy (>= 0.3.1)
      methlab (>= 0.0.9)
      typelib

GIT
  remote: git://github.com/mark-moseley/linecache
  revision: 869c6a65155068415925067e480741bd0a71527e
  specs:
    linecache19 (0.5.12)
      ruby_core_source (>= 0.1.4)

GEM
  remote: http://rubygems.org/
  specs:
    activesupport (4.0.2)
      i18n (~> 0.6, >= 0.6.4)
      minitest (~> 4.2)
      multi_json (~> 1.3)
      thread_safe (~> 0.1)
      tzinfo (~> 0.3.37)
    archive-tar-minitar (0.5.2)
    atomic (1.1.14)
    bcrypt-ruby (3.0.1)
    columnize (0.3.6)
    debugger (1.5.0)
      columnize (>= 0.3.1)
      debugger-linecache (~> 1.2.0)
      debugger-ruby_core_source (~> 1.2.0)
    debugger-linecache (1.2.0)
    debugger-ruby_core_source (1.2.0)
    diff-lcs (1.2.5)
    epoxy (0.3.1)
    eventmachine (1.0.3)
    factory_girl (4.3.0)
      activesupport (>= 3.0.0)
    gpgme (2.0.2)
    i18n (0.6.9)
    json (1.8.1)
    m4dbi (0.9.0)
      metaid
      rdbi
    mail (2.5.4)
      mime-types (~> 1.16)
      treetop (~> 1.4.8)
    mail-gpg (0.1.2)
      gpgme (~> 2.0.2)
      mail (~> 2.5.3)
    metaid (1.0)
    methlab (0.1.0)
    mime-types (1.25.1)
    mini_portile (0.5.2)
    minitest (4.7.5)
    multi_json (1.8.2)
    nokogiri (1.6.0)
      mini_portile (~> 0.5.0)
    pg (0.17.0)
    polyglot (0.3.3)
    rdbi-driver-postgresql (0.9.2)
      pg (>= 0.10.0)
      rdbi
    ruby-debug-base19 (0.11.25)
      columnize (>= 0.3.1)
      linecache19 (>= 0.5.11)
      ruby_core_source (>= 0.1.4)
    ruby-debug-base19x (0.11.30.pre10)
      columnize (>= 0.3.1)
      linecache19 (>= 0.5.11)
      rake (>= 0.8.1)
      ruby_core_source (>= 0.1.4)
    ruby-debug19 (0.11.6)
      columnize (>= 0.3.1)
      linecache19 (>= 0.5.11)
      ruby-debug-base19 (>= 0.11.19)
    rspec (2.14.1)
      rspec-core (~> 2.14.0)
      rspec-expectations (~> 2.14.0)
      rspec-mocks (~> 2.14.0)
    rspec-core (2.14.7)
    rspec-expectations (2.14.4)
      diff-lcs (>= 1.1.3, < 2.0)
    rspec-mocks (2.14.4)
    ruby-oembed (0.8.9)
    ruby_core_source (0.1.5)
      archive-tar-minitar (>= 0.5.2)
    thread_safe (0.1.3)
      atomic
    treetop (1.4.15)
      polyglot
      polyglot (>= 0.3.1)
    typelib (0.1.0)
    tzinfo (0.3.38)

PLATFORMS
  ruby

DEPENDENCIES
  bcrypt-ruby
  debugger
  eventmachine
  factory_girl
  json
  libertree-client!
  libertree-model!
  linecache19!
  m4dbi
  mail
  mail-gpg
  pg
  rdbi!
  rdbi-driver-postgresql
  rspec
  ruby-debug-base19x (~> 0.11.30.pre4)
  ruby-debug19
