GIT
  remote: git://github.com/Libertree/libertree-client-rb.git
  revision: bc1c567a512bd09f2e23405c5ab13d68ec76d0ff
  branch: xmpp
  specs:
    libertree-client (0.0.2)

GIT
  remote: git://github.com/Libertree/libertree-model-rb.git
  revision: 82f6c15eef5f60f388642f8a2683ad35b5dc5668
  branch: xmpp
  specs:
    libertree-model (0.5.0)
      bcrypt-ruby (= 3.0.1)
      m4dbi
      nokogiri (~> 1.5)
      rdbi-driver-postgresql
      ruby-oembed (~> 0.8.8)

GIT
  remote: git://github.com/RDBI/rdbi.git
  revision: e5accb27a99f314db1474f5bb01538b4d2ccb26a
  ref: pre-sth-leak
  specs:
    rdbi (0.9.1)
      epoxy (>= 0.3.1)
      methlab (>= 0.0.9)
      typelib

GEM
  remote: http://rubygems.org/
  specs:
    activesupport (3.2.12)
      i18n (~> 0.6)
      multi_json (~> 1.0)
    bcrypt-ruby (3.0.1)
    blather (0.8.5)
      activesupport (>= 2.3.11)
      eventmachine (>= 1.0.0)
      girl_friday
      niceogiri (~> 1.0)
      nokogiri (~> 1.5, >= 1.5.6)
    columnize (0.3.6)
    connection_pool (1.1.0)
    debugger (1.5.0)
      columnize (>= 0.3.1)
      debugger-linecache (~> 1.2.0)
      debugger-ruby_core_source (~> 1.2.0)
    debugger-linecache (1.2.0)
    debugger-ruby_core_source (1.2.0)
    diff-lcs (1.1.3)
    epoxy (0.3.1)
    eventmachine (1.0.3)
    factory_girl (4.2.0)
      activesupport (>= 3.0.0)
    girl_friday (0.11.2)
      connection_pool (~> 1.0)
      rubinius-actor
    i18n (0.6.0)
    json (1.8.0)
    m4dbi (0.8.9)
      metaid
      rdbi
    mail (2.4.4)
      i18n (>= 0.4.0)
      mime-types (~> 1.16)
      treetop (~> 1.4.8)
    metaid (1.0)
    methlab (0.1.0)
    mime-types (1.19)
    mini_portile (0.5.0)
    multi_json (1.5.1)
    niceogiri (1.1.2)
      nokogiri (~> 1.5)
    nokogiri (1.6.0)
      mini_portile (~> 0.5.0)
    pg (0.15.1)
    polyglot (0.3.3)
    pony (1.4)
      mail (> 2.0)
    rake (0.9.2.2)
    rdbi-driver-postgresql (0.9.2)
      pg (>= 0.10.0)
      rdbi
    rspec (2.12.0)
      rspec-core (~> 2.12.0)
      rspec-expectations (~> 2.12.0)
      rspec-mocks (~> 2.12.0)
    rspec-core (2.12.2)
    rspec-expectations (2.12.1)
      diff-lcs (~> 1.1.3)
    rspec-mocks (2.12.2)
    rubinius-actor (0.0.2)
      rubinius-core-api
    rubinius-core-api (0.0.1)
    ruby-debug-base19 (0.11.25)
      columnize (>= 0.3.1)
      linecache19 (>= 0.5.11)
      ruby_core_source (>= 0.1.4)
    ruby-debug-base19x (0.11.30.pre12)
      debugger-ruby_core_source (>= 1.1.4)
      rake (>= 0.8.1)
    ruby-debug19 (0.11.6)
      columnize (>= 0.3.1)
      linecache19 (>= 0.5.11)
      ruby-debug-base19 (>= 0.11.19)
    ruby-oembed (0.8.8)
    ruby_core_source (0.1.5)
      archive-tar-minitar (>= 0.5.2)
    syck (1.0.0)
    treetop (1.4.10)
      polyglot
      polyglot (>= 0.3.1)
    typelib (0.1.0)

PLATFORMS
  ruby

DEPENDENCIES
  bcrypt-ruby
  blather
  debugger
  factory_girl
  json
  libertree-client!
  libertree-model!
  pg
  pony
  rdbi!
  rdbi-driver-postgresql!
  rspec
  syck
