GIT
  remote: git://github.com/Libertree/libertree-model-rb.git
  revision: 055ea74f5715af9cb5941b7db10f8de307189a01
  specs:
    libertree-model (0.9.5)
      bcrypt-ruby (= 3.0.1)
      gpgme
      net-ldap (~> 0.5.1)
      nokogiri (~> 1.5)
      parkdown (~> 1.4.25)
      pg
      ruby-oembed (~> 0.8.8)
      sequel
      timedcache

GIT
  remote: git://github.com/mark-moseley/linecache
  revision: 869c6a65155068415925067e480741bd0a71527e
  specs:
    linecache19 (0.5.12)
      ruby_core_source (>= 0.1.4)

GEM
  remote: http://rubygems.org/
  specs:
    activesupport (3.2.2)
      i18n (~> 0.6)
      multi_json (~> 1.0)
    archive-tar-minitar (0.5.2)
    bcrypt-ruby (3.0.1)
    blather (0.8.1)
      activesupport (>= 2.3.11)
      eventmachine (>= 0.12.6)
      girl_friday
      niceogiri (~> 1.0)
      nokogiri (~> 1.5.5)
    columnize (0.3.6)
    connection_pool (0.9.2)
    debugger-ruby_core_source (1.3.1)
    diff-lcs (1.1.3)
    eventmachine (0.12.10)
    factory_girl (4.4.0)
      activesupport (>= 3.0.0)
    girl_friday (0.11.1)
      connection_pool (~> 0.9.0)
      rubinius-actor
    gpgme (2.0.7)
      mini_portile (>= 0.5.0, <= 0.6.0)
    i18n (0.6.0)
    json (1.8.1)
    mini_portile (0.6.0)
    multi_json (1.1.0)
    net-ldap (0.5.1)
    niceogiri (1.1.1)
      nokogiri (~> 1.5)
    nokogiri (1.5.11)
    parkdown (1.4.25)
    pg (0.17.1)
    rake (10.1.1)
    rspec (2.12.0)
      rspec-core (~> 2.12.0)
      rspec-expectations (~> 2.12.0)
      rspec-mocks (~> 2.12.0)
    rspec-core (2.12.2)
    rspec-expectations (2.12.1)
      diff-lcs (~> 1.1.3)
    rspec-mocks (2.12.1)
    rubinius-actor (0.0.2)
      rubinius-core-api
    rubinius-core-api (0.0.1)
    ruby-debug-base19 (0.11.25)
      columnize (>= 0.3.1)
      linecache19 (>= 0.5.11)
      ruby_core_source (>= 0.1.4)
    ruby-debug-base19x (0.11.30.pre15)
      debugger-ruby_core_source (> 0)
      rake (>= 0.8.1)
    ruby-debug19 (0.11.6)
      columnize (>= 0.3.1)
      linecache19 (>= 0.5.11)
      ruby-debug-base19 (>= 0.11.19)
    ruby-oembed (0.8.10)
    ruby_core_source (0.1.5)
      archive-tar-minitar (>= 0.5.2)
    sequel (4.15.0)
    timedcache (0.4.0)

PLATFORMS
  ruby

DEPENDENCIES
  blather
  factory_girl
  json
  libertree-model!
  linecache19!
  rspec
  ruby-debug-base19x (~> 0.11.30.pre4)
  ruby-debug19
