GIT
  remote: git://github.com/Libertree/libertree-client-rb.git
  revision: d7bca4ac1752a1d7670470aba6f0e89e300a6e5b
  specs:
    libertree-client (0.0.2)

GIT
  remote: git://github.com/Libertree/libertree-model-rb.git
  revision: 29d31e3011d2fb6276bfa10fc059c2d0ccfbc109
  specs:
    libertree-model (0.7.0)
      bcrypt-ruby (= 3.0.1)
      net-ldap (~> 0.5.1)
      nokogiri (~> 1.5)
      pg
      ruby-oembed (~> 0.8.8)
      sequel

GEM
  remote: http://rubygems.org/
  specs:
    activesupport (3.2.13)
      i18n (= 0.6.1)
      multi_json (~> 1.0)
    bcrypt-ruby (3.0.1)
    blather (0.8.5)
      activesupport (>= 2.3.11)
      eventmachine (>= 1.0.0)
      girl_friday
      niceogiri (~> 1.0)
      nokogiri (~> 1.5, >= 1.5.6)
    connection_pool (1.0.0)
    eventmachine (1.0.3)
    girl_friday (0.11.2)
      connection_pool (~> 1.0)
      rubinius-actor
    gpgme (2.0.2)
    i18n (0.6.1)
    json (1.8.0)
    mail (2.5.4)
      mime-types (~> 1.16)
      treetop (~> 1.4.8)
    mail-gpg (0.1.2)
      gpgme (~> 2.0.2)
      mail (~> 2.5.3)
    mime-types (1.23)
    multi_json (1.7.6)
    net-ldap (0.5.1)
    niceogiri (1.1.2)
      nokogiri (~> 1.5)
    nokogiri (1.5.9)
    pg (0.9.0)
    polyglot (0.3.3)
    rubinius-actor (0.0.2)
      rubinius-core-api
    rubinius-core-api (0.0.1)
    ruby-oembed (0.8.9)
    sequel (4.7.0)
    treetop (1.4.14)
      polyglot
      polyglot (>= 0.3.1)

PLATFORMS
  ruby

DEPENDENCIES
  bcrypt-ruby
  blather
  json
  libertree-client!
  libertree-model!
  mail
  mail-gpg
  net-ldap
  pg
  ruby-oembed
  sequel
