GIT
  remote: git://github.com/RDBI/rdbi-driver-postgresql.git
  revision: 4c19912b5649bbefad20b48a378a5bf0dad60c15
  specs:
    rdbi-driver-postgresql (0.9.1)
      epoxy (>= 0.3.1)
      methlab
      pg (= 0.9.0)
      rdbi

GIT
  remote: git://github.com/RDBI/rdbi.git
  revision: 842eb374255fe0aef97f010d163be3c0a326f1ee
  specs:
    rdbi (0.9.1)
      epoxy (>= 0.3.1)
      methlab (>= 0.0.9)
      typelib

GIT
  remote: git://github.com/mark-moseley/linecache
  revision: 869c6a65155068415925067e480741bd0a71527e
  specs:
    linecache19 (0.5.12)
      ruby_core_source (>= 0.1.4)

PATH
  remote: .
  specs:
    libertree-db (0.0.1)

GEM
  remote: http://rubygems.org/
  specs:
    activesupport (3.2.5)
      i18n (~> 0.6)
      multi_json (~> 1.0)
    archive-tar-minitar (0.5.2)
    bcrypt-ruby (3.0.1)
    columnize (0.3.6)
    diff-lcs (1.1.3)
    epoxy (0.3.1)
    factory_girl (3.4.0)
      activesupport (>= 3.0.0)
    i18n (0.6.0)
    m4dbi (0.8.5)
      metaid
      rdbi
    metaid (1.0)
    methlab (0.1.0)
    multi_json (1.3.6)
    pg (0.9.0)
    rake (0.9.2.2)
    rspec (2.10.0)
      rspec-core (~> 2.10.0)
      rspec-expectations (~> 2.10.0)
      rspec-mocks (~> 2.10.0)
    rspec-core (2.10.1)
    rspec-expectations (2.10.0)
      diff-lcs (~> 1.1.3)
    rspec-mocks (2.10.1)
    ruby-debug-base19 (0.11.25)
      columnize (>= 0.3.1)
      linecache19 (>= 0.5.11)
      ruby_core_source (>= 0.1.4)
    ruby-debug-base19x (0.11.30.pre10)
      columnize (>= 0.3.1)
      linecache19 (>= 0.5.11)
      rake (>= 0.8.1)
      ruby_core_source (>= 0.1.4)
    ruby-debug19 (0.11.6)
      columnize (>= 0.3.1)
      linecache19 (>= 0.5.11)
      ruby-debug-base19 (>= 0.11.19)
    ruby_core_source (0.1.5)
      archive-tar-minitar (>= 0.5.2)
    typelib (0.1.0)

PLATFORMS
  ruby

DEPENDENCIES
  bcrypt-ruby
  factory_girl
  libertree-db!
  linecache19!
  m4dbi
  pg
  rdbi!
  rdbi-driver-postgresql!
  rspec
  ruby-debug-base19x (~> 0.11.30.pre4)
  ruby-debug19
