GIT
  remote: git://github.com/RDBI/rdbi-driver-postgresql.git
  revision: 4c19912b5649bbefad20b48a378a5bf0dad60c15
  specs:
    rdbi-driver-postgresql (0.9.1)
      epoxy (>= 0.3.1)
      methlab
      pg (= 0.9.0)
      rdbi

GIT
  remote: git://github.com/RDBI/rdbi.git
  revision: 842eb374255fe0aef97f010d163be3c0a326f1ee
  specs:
    rdbi (0.9.1)
      epoxy (>= 0.3.1)
      methlab (>= 0.0.9)
      typelib

GEM
  remote: http://rubygems.org/
  specs:
    epoxy (0.3.1)
    m4dbi (0.8.0)
      metaid
      rdbi
    metaid (1.0)
    methlab (0.1.0)
    pg (0.9.0)
    typelib (0.1.0)

PLATFORMS
  ruby

DEPENDENCIES
  m4dbi
  pg
  rdbi!
  rdbi-driver-postgresql!
