GIT
  remote: git://github.com/Libertree/libertree-client-rb.git
  revision: 50d052d78886924394d293a6f1c91570fc7fa2a1
  specs:
    libertree-client (0.0.3)

GIT
  remote: git://github.com/Libertree/libertree-model-rb.git
  revision: d43f34641d33c31c30b34be0b6e43a4b64f76556
  specs:
    libertree-model (0.9.1)
      bcrypt-ruby (= 3.0.1)
      net-ldap (~> 0.5.1)
      nokogiri (~> 1.5)
      parkdown (~> 1.4.23)
      pg
      ruby-oembed (~> 0.8.8)
      sequel
      timedcache

GIT
  remote: git://github.com/mark-moseley/linecache
  revision: 869c6a65155068415925067e480741bd0a71527e
  specs:
    linecache19 (0.5.12)
      ruby_core_source (>= 0.1.4)

GEM
  remote: http://rubygems.org/
  specs:
    activesupport (4.0.2)
      i18n (~> 0.6, >= 0.6.4)
      minitest (~> 4.2)
      multi_json (~> 1.3)
      thread_safe (~> 0.1)
      tzinfo (~> 0.3.37)
    archive-tar-minitar (0.5.2)
    atomic (1.1.14)
    bcrypt-ruby (3.0.1)
    blather (1.0.0)
      activesupport (>= 2.3.11)
      eventmachine (>= 1.0.0)
      girl_friday
      niceogiri (~> 1.0)
      nokogiri (~> 1.5, >= 1.5.6)
    columnize (0.3.6)
    connection_pool (1.2.0)
    debugger-ruby_core_source (1.2.0)
    diff-lcs (1.2.5)
    em-websocket (0.5.0)
      eventmachine (>= 0.12.9)
      http_parser.rb (~> 0.5.3)
    eventmachine (1.0.3)
    factory_girl (4.3.0)
      activesupport (>= 3.0.0)
    girl_friday (0.11.2)
      connection_pool (~> 1.0)
      rubinius-actor
    gpgme (2.0.2)
    http_parser.rb (0.5.3)
    i18n (0.6.9)
    json (1.8.1)
    mail (2.5.4)
      mime-types (~> 1.16)
      treetop (~> 1.4.8)
    mail-gpg (0.1.2)
      gpgme (~> 2.0.2)
      mail (~> 2.5.3)
    mime-types (1.25.1)
    mini_portile (0.5.2)
    minitest (4.7.5)
    multi_json (1.8.2)
    net-ldap (0.5.1)
    niceogiri (1.1.2)
      nokogiri (~> 1.5)
    nokogiri (1.6.0)
      mini_portile (~> 0.5.0)
    parkdown (1.4.23)
    pg (0.17.0)
    polyglot (0.3.3)
    rake (10.1.1)
    rspec (2.14.1)
      rspec-core (~> 2.14.0)
      rspec-expectations (~> 2.14.0)
      rspec-mocks (~> 2.14.0)
    rspec-core (2.14.7)
    rspec-expectations (2.14.4)
      diff-lcs (>= 1.1.3, < 2.0)
    rspec-mocks (2.14.4)
    rubinius-actor (0.0.2)
      rubinius-core-api
    rubinius-core-api (0.0.1)
    ruby-debug-base19 (0.11.25)
      columnize (>= 0.3.1)
      linecache19 (>= 0.5.11)
      ruby_core_source (>= 0.1.4)
    ruby-debug-base19x (0.11.30.pre12)
      debugger-ruby_core_source (>= 1.1.4)
      rake (>= 0.8.1)
    ruby-debug19 (0.11.6)
      columnize (>= 0.3.1)
      linecache19 (>= 0.5.11)
      ruby-debug-base19 (>= 0.11.19)
    ruby-oembed (0.8.10)
    ruby_core_source (0.1.5)
      archive-tar-minitar (>= 0.5.2)
    sequel (4.7.0)
    thread_safe (0.1.3)
      atomic
    timedcache (0.4.0)
    treetop (1.4.15)
      polyglot
      polyglot (>= 0.3.1)
    tzinfo (0.3.38)

PLATFORMS
  ruby

DEPENDENCIES
  bcrypt-ruby
  blather
  em-websocket
  factory_girl
  json
  libertree-client!
  libertree-model!
  linecache19!
  mail
  mail-gpg
  rspec
  ruby-debug-base19x (~> 0.11.30.pre4)
  ruby-debug19
